PATH
  remote: ../cf-spec
  specs:
    cf-spec (0.1.0)
      highline (~> 1.7.8)
      pry (~> 0.10.4)
      thor (~> 0.19.4)

GEM
  remote: https://rubygems.org/
  specs:
    coderay (1.1.2)
    diff-lcs (1.3)
    highline (1.7.8)
    method_source (0.8.2)
    pry (0.10.4)
      coderay (~> 1.1.0)
      method_source (~> 0.8.1)
      slop (~> 3.4)
    rake (12.1.0)
    rspec (3.6.0)
      rspec-core (~> 3.6.0)
      rspec-expectations (~> 3.6.0)
      rspec-mocks (~> 3.6.0)
    rspec-core (3.6.0)
      rspec-support (~> 3.6.0)
    rspec-expectations (3.6.0)
      diff-lcs (>= 1.2.0, < 2.0)
      rspec-support (~> 3.6.0)
    rspec-mocks (3.6.0)
      diff-lcs (>= 1.2.0, < 2.0)
      rspec-support (~> 3.6.0)
    rspec-support (3.6.0)
    slop (3.6.0)
    thor (0.19.4)

PLATFORMS
  ruby

DEPENDENCIES
  bundler
  cf-spec!
  pry
  rake
  rspec

BUNDLED WITH
   1.15.4
